GEM
  remote: https://rubygems.org/
  specs:
    rack (2.2.9)
    rack-cache (1.1)
      rack (>= 0.4)
    rack-protection (1.5.3)
      rack

PLATFORMS
  ruby

DEPENDENCIES
  rack (~> 2.2.8, >= 2.2.8.1)
  rack-cache (~> 1.1.0)
  rack-protection (~> 1.5.0)

BUNDLED WITH
   1.17.3
